PATH
  remote: .
  specs:
    dependabot-linguist (0.217.0)
      dependabot-omnibus (= 0.217.0)
      github-linguist (= 7.25.0)
      rugged (= 1.7.1)

GEM
  remote: https://rubygems.org/
  specs:
    addressable (2.8.4)
      public_suffix (>= 2.0.2, < 6.0)
    aruba (2.2.0)
      bundler (>= 1.17, < 3.0)
      contracts (>= 0.16.0, < 0.18.0)
      cucumber (>= 8.0, < 10.0)
      rspec-expectations (~> 3.4)
      thor (~> 1.0)
    ast (2.4.2)
    aws-eventstream (1.2.0)
    aws-partitions (1.764.0)
    aws-sdk-codecommit (1.53.0)
      aws-sdk-core (~> 3, >= 3.165.0)
      aws-sigv4 (~> 1.1)
    aws-sdk-core (3.172.0)
      aws-eventstream (~> 1, >= 1.0.2)
      aws-partitions (~> 1, >= 1.651.0)
      aws-sigv4 (~> 1.5)
      jmespath (~> 1, >= 1.6.1)
    aws-sdk-ecr (1.58.0)
      aws-sdk-core (~> 3, >= 3.165.0)
      aws-sigv4 (~> 1.1)
    aws-sigv4 (1.5.2)
      aws-eventstream (~> 1, >= 1.0.2)
    builder (3.2.4)
    cgi (0.3.6)
    charlock_holmes (0.7.7)
    citrus (3.0.2)
    commonmarker (0.23.9)
    contracts (0.17)
    cucumber (9.0.0)
      builder (~> 3.2, >= 3.2.4)
      cucumber-ci-environment (~> 9.0, >= 9.0.4)
      cucumber-core (~> 11.0, >= 11.0.0)
      cucumber-cucumber-expressions (>= 15.1.1, < 17.0)
      cucumber-gherkin (>= 23.0.1, < 26.2.1)
      cucumber-html-formatter (>= 19.1, < 21.0)
      cucumber-messages (>= 18, < 23)
      diff-lcs (~> 1.5, >= 1.5.0)
      mini_mime (~> 1.0)
      multi_test (~> 1.1, >= 1.1.0)
      sys-uname (~> 1.2, >= 1.2.2)
    cucumber-ci-environment (9.2.0)
    cucumber-core (11.1.0)
      cucumber-gherkin (>= 24, < 27)
      cucumber-messages (>= 19, < 22)
      cucumber-tag-expressions (~> 4.1, >= 4.1.0)
    cucumber-cucumber-expressions (16.1.2)
    cucumber-gherkin (26.2.0)
      cucumber-messages (>= 19.1.4, < 22.1)
    cucumber-html-formatter (20.4.0)
      cucumber-messages (>= 18.0, < 22.1)
    cucumber-messages (21.0.1)
    cucumber-tag-expressions (4.1.0)
    dependabot-bundler (0.217.0)
      dependabot-common (= 0.217.0)
    dependabot-cargo (0.217.0)
      dependabot-common (= 0.217.0)
    dependabot-common (0.217.0)
      aws-sdk-codecommit (~> 1.28)
      aws-sdk-ecr (~> 1.5)
      bundler (>= 1.16, < 3.0.0)
      commonmarker (>= 0.20.1, < 0.24.0)
      docker_registry2 (~> 1.14)
      excon (~> 0.96, < 0.100)
      faraday (= 2.7.4)
      faraday-retry (= 2.1.0)
      gitlab (= 4.19.0)
      nokogiri (~> 1.8)
      octokit (>= 4.6, < 7.0)
      parser (>= 2.5, < 4.0)
      psych (~> 5.0)
      toml-rb (>= 1.1.2, < 3.0)
    dependabot-composer (0.217.0)
      dependabot-common (= 0.217.0)
    dependabot-docker (0.217.0)
      dependabot-common (= 0.217.0)
    dependabot-elm (0.217.0)
      dependabot-common (= 0.217.0)
    dependabot-git_submodules (0.217.0)
      dependabot-common (= 0.217.0)
      parseconfig (~> 1.0, < 1.1.0)
    dependabot-github_actions (0.217.0)
      dependabot-common (= 0.217.0)
    dependabot-go_modules (0.217.0)
      dependabot-common (= 0.217.0)
    dependabot-gradle (0.217.0)
      dependabot-common (= 0.217.0)
      dependabot-maven (= 0.217.0)
    dependabot-hex (0.217.0)
      dependabot-common (= 0.217.0)
    dependabot-maven (0.217.0)
      dependabot-common (= 0.217.0)
    dependabot-npm_and_yarn (0.217.0)
      dependabot-common (= 0.217.0)
    dependabot-nuget (0.217.0)
      dependabot-common (= 0.217.0)
    dependabot-omnibus (0.217.0)
      dependabot-bundler (= 0.217.0)
      dependabot-cargo (= 0.217.0)
      dependabot-common (= 0.217.0)
      dependabot-composer (= 0.217.0)
      dependabot-docker (= 0.217.0)
      dependabot-elm (= 0.217.0)
      dependabot-git_submodules (= 0.217.0)
      dependabot-github_actions (= 0.217.0)
      dependabot-go_modules (= 0.217.0)
      dependabot-gradle (= 0.217.0)
      dependabot-hex (= 0.217.0)
      dependabot-maven (= 0.217.0)
      dependabot-npm_and_yarn (= 0.217.0)
      dependabot-nuget (= 0.217.0)
      dependabot-pub (= 0.217.0)
      dependabot-python (= 0.217.0)
      dependabot-terraform (= 0.217.0)
    dependabot-pub (0.217.0)
      dependabot-common (= 0.217.0)
    dependabot-python (0.217.0)
      dependabot-common (= 0.217.0)
    dependabot-terraform (0.217.0)
      dependabot-common (= 0.217.0)
    diff-lcs (1.5.0)
    docker_registry2 (1.15.0)
      rest-client (>= 1.8.0)
    domain_name (0.5.20190701)
      unf (>= 0.0.5, < 1.0.0)
    excon (0.99.0)
    faraday (2.7.4)
      faraday-net_http (>= 2.0, < 3.1)
      ruby2_keywords (>= 0.0.4)
    faraday-net_http (3.0.2)
    faraday-retry (2.1.0)
      faraday (~> 2.0)
    ffi (1.15.5)
    github-linguist (7.25.0)
      cgi
      charlock_holmes (~> 0.7.7)
      mini_mime (~> 1.0)
      rugged (~> 1.0)
    gitlab (4.19.0)
      httparty (~> 0.20)
      terminal-table (>= 1.5.1)
    http-accept (1.7.0)
    http-cookie (1.0.5)
      domain_name (~> 0.5)
    httparty (0.21.0)
      mini_mime (>= 1.0.0)
      multi_xml (>= 0.5.2)
    jmespath (1.6.2)
    json (2.7.1)
    language_server-protocol (3.17.0.3)
    mime-types (3.5.1)
      mime-types-data (~> 3.2015)
    mime-types-data (3.2023.0808)
    mini_mime (1.1.2)
    multi_test (1.1.0)
    multi_xml (0.6.0)
    netrc (0.11.0)
    nokogiri (1.15.0-x86_64-linux)
      racc (~> 1.4)
    octokit (6.1.1)
      faraday (>= 1, < 3)
      sawyer (~> 0.9)
    parallel (1.24.0)
    parseconfig (1.0.8)
    parser (3.3.0.3)
      ast (~> 2.4.1)
      racc
    psych (5.1.1.1)
      stringio
    public_suffix (5.0.1)
    racc (1.7.3)
    rainbow (3.1.1)
    rake (13.1.0)
    rdoc (6.6.2)
      psych (>= 4.0.0)
    regexp_parser (2.9.0)
    rest-client (2.1.0)
      http-accept (>= 1.7.0, < 2.0)
      http-cookie (>= 1.0.2, < 2.0)
      mime-types (>= 1.16, < 4.0)
      netrc (~> 0.8)
    rexml (3.2.6)
    rspec (3.12.0)
      rspec-core (~> 3.12.0)
      rspec-expectations (~> 3.12.0)
      rspec-mocks (~> 3.12.0)
    rspec-core (3.12.2)
      rspec-support (~> 3.12.0)
    rspec-expectations (3.12.3)
      diff-lcs (>= 1.2.0, < 2.0)
      rspec-support (~> 3.12.0)
    rspec-mocks (3.12.5)
      diff-lcs (>= 1.2.0, < 2.0)
      rspec-support (~> 3.12.0)
    rspec-support (3.12.1)
    rubocop (1.60.0)
      json (~> 2.3)
      language_server-protocol (>= 3.17.0)
      parallel (~> 1.10)
      parser (>= 3.3.0.2)
      rainbow (>= 2.2.2, < 4.0)
      regexp_parser (>= 1.8, < 3.0)
      rexml (>= 3.2.5, < 4.0)
      rubocop-ast (>= 1.30.0, < 2.0)
      ruby-progressbar (~> 1.7)
      unicode-display_width (>= 2.4.0, < 3.0)
    rubocop-ast (1.30.0)
      parser (>= 3.2.1.0)
    ruby-progressbar (1.13.0)
    ruby2_keywords (0.0.5)
    rugged (1.7.1)
    sawyer (0.9.2)
      addressable (>= 2.3.5)
      faraday (>= 0.17.3, < 3)
    stringio (3.1.0)
    sys-uname (1.2.3)
      ffi (~> 1.1)
    terminal-table (3.0.2)
      unicode-display_width (>= 1.1.1, < 3)
    thor (1.2.2)
    toml-rb (2.2.0)
      citrus (~> 3.0, > 3.0)
    unf (0.1.4)
      unf_ext
    unf_ext (0.0.8.2)
    unicode-display_width (2.5.0)

PLATFORMS
  x86_64-linux

DEPENDENCIES
  aruba (~> 2.1)
  dependabot-linguist!
  rake (~> 13.0)
  rdoc (~> 6.5)
  rspec (~> 3.12)
  rubocop (~> 1.51)

BUNDLED WITH
   2.4.13
