PATH
  remote: .
  specs:
    dependabot-linguist (0.217.0)
      dependabot-omnibus (= 0.299.0)
      github-linguist (= 9.0.0)
      json (= 2.6.3)
      rugged (= 1.7.2)
      stringio (= 3.1.5)

GEM
  remote: https://rubygems.org/
  specs:
    addressable (2.8.7)
      public_suffix (>= 2.0.2, < 7.0)
    aruba (2.3.0)
      bundler (>= 1.17, < 3.0)
      contracts (>= 0.16.0, < 0.18.0)
      cucumber (>= 8.0, < 10.0)
      rspec-expectations (~> 3.4)
      thor (~> 1.0)
    ast (2.4.2)
    aws-eventstream (1.3.1)
    aws-partitions (1.1058.0)
    aws-sdk-codecommit (1.83.0)
      aws-sdk-core (~> 3, >= 3.216.0)
      aws-sigv4 (~> 1.5)
    aws-sdk-core (3.219.0)
      aws-eventstream (~> 1, >= 1.3.0)
      aws-partitions (~> 1, >= 1.992.0)
      aws-sigv4 (~> 1.9)
      base64
      jmespath (~> 1, >= 1.6.1)
    aws-sdk-ecr (1.97.0)
      aws-sdk-core (~> 3, >= 3.216.0)
      aws-sigv4 (~> 1.5)
    aws-sigv4 (1.11.0)
      aws-eventstream (~> 1, >= 1.0.2)
    base64 (0.2.0)
    bigdecimal (3.1.9)
    builder (3.3.0)
    cgi (0.4.2)
    charlock_holmes (0.7.9)
    citrus (3.0.2)
    commonmarker (0.23.11)
    contracts (0.17.2)
    csv (3.3.2)
    cucumber (9.2.1)
      builder (~> 3.2)
      cucumber-ci-environment (> 9, < 11)
      cucumber-core (> 13, < 14)
      cucumber-cucumber-expressions (~> 17.0)
      cucumber-gherkin (> 24, < 28)
      cucumber-html-formatter (> 20.3, < 22)
      cucumber-messages (> 19, < 25)
      diff-lcs (~> 1.5)
      mini_mime (~> 1.1)
      multi_test (~> 1.1)
      sys-uname (~> 1.2)
    cucumber-ci-environment (10.0.1)
    cucumber-core (13.0.3)
      cucumber-gherkin (>= 27, < 28)
      cucumber-messages (>= 20, < 23)
      cucumber-tag-expressions (> 5, < 7)
    cucumber-cucumber-expressions (17.1.0)
      bigdecimal
    cucumber-gherkin (27.0.0)
      cucumber-messages (>= 19.1.4, < 23)
    cucumber-html-formatter (21.9.0)
      cucumber-messages (> 19, < 28)
    cucumber-messages (22.0.0)
    cucumber-tag-expressions (6.1.2)
    date (3.4.1)
    dependabot-bun (0.299.0)
      dependabot-common (= 0.299.0)
    dependabot-bundler (0.299.0)
      dependabot-common (= 0.299.0)
      parallel (~> 1.24)
    dependabot-cargo (0.299.0)
      dependabot-common (= 0.299.0)
    dependabot-common (0.299.0)
      aws-sdk-codecommit (~> 1.28)
      aws-sdk-ecr (~> 1.5)
      bundler (>= 1.16, < 3.0.0)
      commonmarker (>= 0.20.1, < 0.24.0)
      docker_registry2 (~> 1.18.2)
      excon (~> 0.109)
      faraday (= 2.7.11)
      faraday-retry (= 2.2.0)
      gitlab (= 5.0.0)
      json (< 2.7)
      nokogiri (~> 1.8)
      octokit (>= 4.6, < 8.0)
      opentelemetry-api (~> 1.4)
      opentelemetry-metrics-api (~> 0.1)
      parser (>= 2.5, < 4.0)
      psych (~> 5.0)
      sorbet-runtime (~> 0.5.11577)
      stackprof (~> 0.2.16)
      toml-rb (>= 1.1.2, < 4.0)
    dependabot-composer (0.299.0)
      dependabot-common (= 0.299.0)
    dependabot-devcontainers (0.299.0)
      dependabot-common (= 0.299.0)
    dependabot-docker (0.299.0)
      dependabot-common (= 0.299.0)
    dependabot-docker_compose (0.299.0)
      dependabot-common (= 0.299.0)
      dependabot-docker (= 0.299.0)
    dependabot-dotnet_sdk (0.299.0)
      dependabot-common (= 0.299.0)
    dependabot-elm (0.299.0)
      dependabot-common (= 0.299.0)
    dependabot-git_submodules (0.299.0)
      dependabot-common (= 0.299.0)
      parseconfig (~> 1.0, < 1.1.0)
    dependabot-github_actions (0.299.0)
      dependabot-common (= 0.299.0)
    dependabot-go_modules (0.299.0)
      dependabot-common (= 0.299.0)
    dependabot-gradle (0.299.0)
      dependabot-common (= 0.299.0)
      dependabot-maven (= 0.299.0)
    dependabot-hex (0.299.0)
      dependabot-common (= 0.299.0)
    dependabot-maven (0.299.0)
      dependabot-common (= 0.299.0)
    dependabot-npm_and_yarn (0.299.0)
      dependabot-common (= 0.299.0)
    dependabot-nuget (0.299.0)
      dependabot-common (= 0.299.0)
      rubyzip (>= 2.3.2, < 3.0)
    dependabot-omnibus (0.299.0)
      dependabot-bun (= 0.299.0)
      dependabot-bundler (= 0.299.0)
      dependabot-cargo (= 0.299.0)
      dependabot-common (= 0.299.0)
      dependabot-composer (= 0.299.0)
      dependabot-devcontainers (= 0.299.0)
      dependabot-docker (= 0.299.0)
      dependabot-docker_compose (= 0.299.0)
      dependabot-dotnet_sdk (= 0.299.0)
      dependabot-elm (= 0.299.0)
      dependabot-git_submodules (= 0.299.0)
      dependabot-github_actions (= 0.299.0)
      dependabot-go_modules (= 0.299.0)
      dependabot-gradle (= 0.299.0)
      dependabot-hex (= 0.299.0)
      dependabot-maven (= 0.299.0)
      dependabot-npm_and_yarn (= 0.299.0)
      dependabot-nuget (= 0.299.0)
      dependabot-pub (= 0.299.0)
      dependabot-python (= 0.299.0)
      dependabot-swift (= 0.299.0)
      dependabot-terraform (= 0.299.0)
    dependabot-pub (0.299.0)
      dependabot-common (= 0.299.0)
    dependabot-python (0.299.0)
      dependabot-common (= 0.299.0)
    dependabot-swift (0.299.0)
      dependabot-common (= 0.299.0)
    dependabot-terraform (0.299.0)
      dependabot-common (= 0.299.0)
    diff-lcs (1.6.0)
    docker_registry2 (1.18.2)
      rest-client (>= 1.8.0)
    domain_name (0.6.20240107)
    excon (0.112.0)
    faraday (2.7.11)
      base64
      faraday-net_http (>= 2.0, < 3.1)
      ruby2_keywords (>= 0.0.4)
    faraday-net_http (3.0.2)
    faraday-retry (2.2.0)
      faraday (~> 2.0)
    ffi (1.17.1-aarch64-linux-gnu)
    ffi (1.17.1-aarch64-linux-musl)
    ffi (1.17.1-arm-linux-gnu)
    ffi (1.17.1-arm-linux-musl)
    ffi (1.17.1-arm64-darwin)
    ffi (1.17.1-x86_64-darwin)
    ffi (1.17.1-x86_64-linux-gnu)
    ffi (1.17.1-x86_64-linux-musl)
    github-linguist (9.0.0)
      cgi
      charlock_holmes (~> 0.7.7)
      mini_mime (~> 1.0)
      rugged (~> 1.0)
    gitlab (5.0.0)
      httparty (~> 0.20)
      terminal-table (>= 1.5.1)
    http-accept (1.7.0)
    http-cookie (1.0.8)
      domain_name (~> 0.5)
    httparty (0.22.0)
      csv
      mini_mime (>= 1.0.0)
      multi_xml (>= 0.5.2)
    jmespath (1.6.2)
    json (2.6.3)
    language_server-protocol (3.17.0.4)
    lint_roller (1.1.0)
    logger (1.6.6)
    mime-types (3.6.0)
      logger
      mime-types-data (~> 3.2015)
    mime-types-data (3.2025.0220)
    mini_mime (1.1.5)
    multi_test (1.1.0)
    multi_xml (0.7.1)
      bigdecimal (~> 3.1)
    netrc (0.11.0)
    nokogiri (1.18.3-aarch64-linux-gnu)
      racc (~> 1.4)
    nokogiri (1.18.3-aarch64-linux-musl)
      racc (~> 1.4)
    nokogiri (1.18.3-arm-linux-gnu)
      racc (~> 1.4)
    nokogiri (1.18.3-arm-linux-musl)
      racc (~> 1.4)
    nokogiri (1.18.3-arm64-darwin)
      racc (~> 1.4)
    nokogiri (1.18.3-x86_64-darwin)
      racc (~> 1.4)
    nokogiri (1.18.3-x86_64-linux-gnu)
      racc (~> 1.4)
    nokogiri (1.18.3-x86_64-linux-musl)
      racc (~> 1.4)
    octokit (7.2.0)
      faraday (>= 1, < 3)
      sawyer (~> 0.9)
    opentelemetry-api (1.5.0)
    opentelemetry-metrics-api (0.3.0)
      opentelemetry-api (~> 1.0)
    parallel (1.26.3)
    parseconfig (1.0.8)
    parser (3.3.7.1)
      ast (~> 2.4.1)
      racc
    psych (5.2.3)
      date
      stringio
    public_suffix (6.0.1)
    racc (1.8.1)
    rainbow (3.1.1)
    rake (13.2.1)
    rdoc (6.12.0)
      psych (>= 4.0.0)
    regexp_parser (2.10.0)
    rest-client (2.1.0)
      http-accept (>= 1.7.0, < 2.0)
      http-cookie (>= 1.0.2, < 2.0)
      mime-types (>= 1.16, < 4.0)
      netrc (~> 0.8)
    rspec (3.13.0)
      rspec-core (~> 3.13.0)
      rspec-expectations (~> 3.13.0)
      rspec-mocks (~> 3.13.0)
    rspec-core (3.13.3)
      rspec-support (~> 3.13.0)
    rspec-expectations (3.13.3)
      diff-lcs (>= 1.2.0, < 2.0)
      rspec-support (~> 3.13.0)
    rspec-mocks (3.13.2)
      diff-lcs (>= 1.2.0, < 2.0)
      rspec-support (~> 3.13.0)
    rspec-support (3.13.2)
    rubocop (1.73.1)
      json (~> 2.3)
      language_server-protocol (~> 3.17.0.2)
      lint_roller (~> 1.1.0)
      parallel (~> 1.10)
      parser (>= 3.3.0.2)
      rainbow (>= 2.2.2, < 4.0)
      regexp_parser (>= 2.9.3, < 3.0)
      rubocop-ast (>= 1.38.0, < 2.0)
      ruby-progressbar (~> 1.7)
      unicode-display_width (>= 2.4.0, < 4.0)
    rubocop-ast (1.38.1)
      parser (>= 3.3.1.0)
    ruby-progressbar (1.13.0)
    ruby2_keywords (0.0.5)
    rubyzip (2.4.1)
    rugged (1.7.2)
    sawyer (0.9.2)
      addressable (>= 2.3.5)
      faraday (>= 0.17.3, < 3)
    sorbet-runtime (0.5.11875)
    stackprof (0.2.27)
    stringio (3.1.5)
    sys-uname (1.3.1)
      ffi (~> 1.1)
    terminal-table (4.0.0)
      unicode-display_width (>= 1.1.1, < 4)
    thor (1.3.2)
    toml-rb (3.0.1)
      citrus (~> 3.0, > 3.0)
      racc (~> 1.7)
    unicode-display_width (3.1.4)
      unicode-emoji (~> 4.0, >= 4.0.4)
    unicode-emoji (4.0.4)

PLATFORMS
  aarch64-linux-gnu
  aarch64-linux-musl
  arm-linux-gnu
  arm-linux-musl
  arm64-darwin
  x86_64-darwin
  x86_64-linux-gnu
  x86_64-linux-musl

DEPENDENCIES
  aruba (~> 2.1)
  dependabot-linguist!
  rake (~> 13.0)
  rdoc (~> 6.5)
  rspec (~> 3.12)
  rubocop (~> 1.73)

BUNDLED WITH
   2.5.23
