PATH
  remote: .
  specs:
    dependabot-linguist (0.212.1)
      dependabot-omnibus (= 0.212.0)
      github-linguist (= 7.23.0)
      rugged (>= 1.5, < 1.7)

GEM
  remote: https://rubygems.org/
  specs:
    activesupport (7.0.4)
      concurrent-ruby (~> 1.0, >= 1.0.2)
      i18n (>= 1.6, < 2)
      minitest (>= 5.1)
      tzinfo (~> 2.0)
    addressable (2.8.1)
      public_suffix (>= 2.0.2, < 6.0)
    ast (2.4.2)
    aws-eventstream (1.2.0)
    aws-partitions (1.668.0)
    aws-sdk-codecommit (1.52.0)
      aws-sdk-core (~> 3, >= 3.165.0)
      aws-sigv4 (~> 1.1)
    aws-sdk-core (3.168.2)
      aws-eventstream (~> 1, >= 1.0.2)
      aws-partitions (~> 1, >= 1.651.0)
      aws-sigv4 (~> 1.5)
      jmespath (~> 1, >= 1.6.1)
    aws-sdk-ecr (1.57.0)
      aws-sdk-core (~> 3, >= 3.165.0)
      aws-sigv4 (~> 1.1)
    aws-sigv4 (1.5.2)
      aws-eventstream (~> 1, >= 1.0.2)
    cgi (0.3.6)
    charlock_holmes (0.7.7)
    citrus (3.0.2)
    commonmarker (0.23.6)
    concurrent-ruby (1.1.10)
    dependabot-bundler (0.212.0)
      dependabot-common (= 0.212.0)
    dependabot-cargo (0.212.0)
      dependabot-common (= 0.212.0)
    dependabot-common (0.212.0)
      activesupport (>= 6.0.0)
      aws-sdk-codecommit (~> 1.28)
      aws-sdk-ecr (~> 1.5)
      bundler (>= 1.16, < 3.0.0)
      commonmarker (>= 0.20.1, < 0.24.0)
      docker_registry2 (~> 1.11, >= 1.11.0)
      excon (~> 0.75)
      faraday (= 2.5.2)
      gitlab (= 4.19.0)
      nokogiri (~> 1.8)
      octokit (>= 4.6, < 6.0)
      parser (>= 2.5, < 4.0)
      toml-rb (>= 1.1.2, < 3.0)
    dependabot-composer (0.212.0)
      dependabot-common (= 0.212.0)
    dependabot-docker (0.212.0)
      dependabot-common (= 0.212.0)
    dependabot-elm (0.212.0)
      dependabot-common (= 0.212.0)
    dependabot-git_submodules (0.212.0)
      dependabot-common (= 0.212.0)
      parseconfig (~> 1.0, < 1.1.0)
    dependabot-github_actions (0.212.0)
      dependabot-common (= 0.212.0)
    dependabot-go_modules (0.212.0)
      dependabot-common (= 0.212.0)
    dependabot-gradle (0.212.0)
      dependabot-common (= 0.212.0)
      dependabot-maven (= 0.212.0)
    dependabot-hex (0.212.0)
      dependabot-common (= 0.212.0)
    dependabot-maven (0.212.0)
      dependabot-common (= 0.212.0)
    dependabot-npm_and_yarn (0.212.0)
      dependabot-common (= 0.212.0)
    dependabot-nuget (0.212.0)
      dependabot-common (= 0.212.0)
    dependabot-omnibus (0.212.0)
      dependabot-bundler (= 0.212.0)
      dependabot-cargo (= 0.212.0)
      dependabot-common (= 0.212.0)
      dependabot-composer (= 0.212.0)
      dependabot-docker (= 0.212.0)
      dependabot-elm (= 0.212.0)
      dependabot-git_submodules (= 0.212.0)
      dependabot-github_actions (= 0.212.0)
      dependabot-go_modules (= 0.212.0)
      dependabot-gradle (= 0.212.0)
      dependabot-hex (= 0.212.0)
      dependabot-maven (= 0.212.0)
      dependabot-npm_and_yarn (= 0.212.0)
      dependabot-nuget (= 0.212.0)
      dependabot-pub (= 0.212.0)
      dependabot-python (= 0.212.0)
      dependabot-terraform (= 0.212.0)
    dependabot-pub (0.212.0)
      dependabot-common (= 0.212.0)
    dependabot-python (0.212.0)
      dependabot-common (= 0.212.0)
    dependabot-terraform (0.212.0)
      dependabot-common (= 0.212.0)
    diff-lcs (1.5.0)
    docker_registry2 (1.12.0)
      rest-client (>= 1.8.0)
    domain_name (0.5.20190701)
      unf (>= 0.0.5, < 1.0.0)
    excon (0.94.0)
    faraday (2.5.2)
      faraday-net_http (>= 2.0, < 3.1)
      ruby2_keywords (>= 0.0.4)
    faraday-net_http (3.0.2)
    github-linguist (7.23.0)
      cgi
      charlock_holmes (~> 0.7.7)
      mini_mime (~> 1.0)
      rugged (~> 1.0)
    gitlab (4.19.0)
      httparty (~> 0.20)
      terminal-table (>= 1.5.1)
    http-accept (1.7.0)
    http-cookie (1.0.5)
      domain_name (~> 0.5)
    httparty (0.20.0)
      mime-types (~> 3.0)
      multi_xml (>= 0.5.2)
    i18n (1.12.0)
      concurrent-ruby (~> 1.0)
    jmespath (1.6.2)
    json (2.6.3)
    mime-types (3.4.1)
      mime-types-data (~> 3.2015)
    mime-types-data (3.2022.0105)
    mini_mime (1.1.2)
    mini_portile2 (2.8.0)
    minitest (5.16.3)
    multi_xml (0.6.0)
    netrc (0.11.0)
    nokogiri (1.13.9)
      mini_portile2 (~> 2.8.0)
      racc (~> 1.4)
    nokogiri (1.13.9-x86_64-linux)
      racc (~> 1.4)
    octokit (5.6.1)
      faraday (>= 1, < 3)
      sawyer (~> 0.9)
    parallel (1.22.1)
    parseconfig (1.0.8)
    parser (3.2.1.1)
      ast (~> 2.4.1)
    psych (4.0.6)
      stringio
    public_suffix (5.0.0)
    racc (1.6.0)
    rainbow (3.1.1)
    rake (13.0.6)
    rdoc (6.4.0)
      psych (>= 4.0.0)
    regexp_parser (2.7.0)
    rest-client (2.1.0)
      http-accept (>= 1.7.0, < 2.0)
      http-cookie (>= 1.0.2, < 2.0)
      mime-types (>= 1.16, < 4.0)
      netrc (~> 0.8)
    rexml (3.2.5)
    rspec (3.12.0)
      rspec-core (~> 3.12.0)
      rspec-expectations (~> 3.12.0)
      rspec-mocks (~> 3.12.0)
    rspec-core (3.12.0)
      rspec-support (~> 3.12.0)
    rspec-expectations (3.12.0)
      diff-lcs (>= 1.2.0, < 2.0)
      rspec-support (~> 3.12.0)
    rspec-mocks (3.12.0)
      diff-lcs (>= 1.2.0, < 2.0)
      rspec-support (~> 3.12.0)
    rspec-support (3.12.0)
    rubocop (1.48.1)
      json (~> 2.3)
      parallel (~> 1.10)
      parser (>= 3.2.0.0)
      rainbow (>= 2.2.2, < 4.0)
      regexp_parser (>= 1.8, < 3.0)
      rexml (>= 3.2.5, < 4.0)
      rubocop-ast (>= 1.26.0, < 2.0)
      ruby-progressbar (~> 1.7)
      unicode-display_width (>= 2.4.0, < 3.0)
    rubocop-ast (1.27.0)
      parser (>= 3.2.1.0)
    ruby-progressbar (1.13.0)
    ruby2_keywords (0.0.5)
    rugged (1.6.2)
    sawyer (0.9.2)
      addressable (>= 2.3.5)
      faraday (>= 0.17.3, < 3)
    stringio (3.0.2)
    terminal-table (3.0.2)
      unicode-display_width (>= 1.1.1, < 3)
    toml-rb (2.2.0)
      citrus (~> 3.0, > 3.0)
    tzinfo (2.0.5)
      concurrent-ruby (~> 1.0)
    unf (0.1.4)
      unf_ext
    unf_ext (0.0.8.2)
    unicode-display_width (2.4.2)

PLATFORMS
  ruby
  x86_64-linux

DEPENDENCIES
  dependabot-linguist!
  rake (~> 13.0)
  rdoc (~> 6.0)
  rspec (~> 3.12)
  rubocop (~> 1.37)

BUNDLED WITH
   2.3.24
